GEM
  remote: https://rubygems.org/
  specs:
    dotenv (0.11.1)
      dotenv-deployment (~> 0.0.2)
    dotenv-deployment (0.0.2)
    erubis (2.7.0)
    foreman (0.75.0)
      dotenv (~> 0.11.1)
      thor (~> 0.19.1)
    sass (3.4.5)
    thor (0.19.1)
    tmuxinator (0.6.8)
      erubis
      thor (>= 0.18.0)

PLATFORMS
  ruby

DEPENDENCIES
  dotenv (= 0.11.1)
  dotenv-deployment (= 0.0.2)
  foreman (= 0.75.0)
  sass (= 3.4.5)
  thor (= 0.19.1)
  tmuxinator (= 0.6.8)
